{
    "Manufacturer": "Philips",
    "PatientPosition": "HFS",
    "SeriesDescription": "ImageMRSERIES",
    "ProtocolName": "WIPdwi_acq-32b1000SENSE",
    "SeriesNumber": 6,
    "AcquisitionNumber": 6,
    "ImageComments": "PIOP2",
    "PhilipsRescaleSlope": 3.9707,
    "PhilipsRescaleIntercept": 0,
    "PhilipsScaleSlope": 0.0242021,
    "UsePhilipsFloatNotDisplayScaling": 1,
    "EchoTime": 0.08753,
    "RepetitionTime": 7.47449,
    "ReconMatrixPE": 112,
    "ImageOrientationPatientDICOM": [
        0.999561,
        -0.00986477,
        -0.0279434,
        0.00942092,
        0.999828,
        -0.0159714
    ],
    "ConversionSoftware": "dcm2niix",
    "ConversionSoftwareVersion": "v1.0.20181125  GCC6.3.0",
    "BidsifyVersion": "0.3.5",
    "FlipAngle": 90,
    "WaterFatShift": 18.927,
    "ParallelAcquisitionTechnique": "SENSE",
    "ParallelReductionFactorInPlane": 2,
    "PhaseEncodingDirection": "j"
}