{
    "Manufacturer": "Philips",
    "PatientPosition": "HFS",
    "SeriesDescription": "ImageMRSERIES",
    "ProtocolName": "WIPB0SENSE",
    "SeriesNumber": 5,
    "AcquisitionNumber": 5,
    "ImageComments": "PIOP2",
    "PhilipsRescaleSlope": 0.04884,
    "PhilipsRescaleIntercept": -100,
    "PhilipsScaleSlope": 20.475,
    "UsePhilipsFloatNotDisplayScaling": 1,
    "EchoTime": 0.00302,
    "RepetitionTime": 0.010768,
    "ReconMatrixPE": 128,
    "ImageOrientationPatientDICOM": [
        0.999564,
        -0.00908942,
        -0.0281012,
        0.0101188,
        0.999275,
        0.03671
    ],
    "ConversionSoftware": "dcm2niix",
    "ConversionSoftwareVersion": "v1.0.20181125  GCC6.3.0",
    "BidsifyVersion": "0.3.5",
    "id": "thisisnotanid",
    "EchoTime1": 0.003,
    "EchoTime2": 0.008,
    "WaterFatShift": 1.134,
    "FlipAngle": 8,
    "IntendedFor": [
        "func/sub-0001_task-restingstate_acq-seq_bold.nii.gz",
        "func/sub-0001_task-stopsignal_acq-seq_bold.nii.gz",
        "func/sub-0001_task-workingmemory_acq-seq_bold.nii.gz"
    ]
}
